GEM
  remote: https://rubygems.org/
  specs:
    archive-tar-minitar (0.5.2)
    capistrano (2.11.2)
      highline
      net-scp (>= 1.0.0)
      net-sftp (>= 2.0.0)
      net-ssh (>= 2.0.14)
      net-ssh-gateway (>= 1.1.0)
    childprocess (0.3.1)
      ffi (~> 1.0.6)
    erubis (2.7.0)
    facter (1.6.5)
    ffi (1.0.11)
    highline (1.6.11)
    i18n (0.6.0)
    json (1.5.4)
    log4r (1.1.10)
    net-scp (1.0.4)
      net-ssh (>= 1.99.1)
    net-sftp (2.0.5)
      net-ssh (>= 2.0.9)
    net-ssh (2.2.2)
    net-ssh-gateway (1.1.0)
      net-ssh (>= 1.99.1)
    puppet (2.7.1)
      facter (>= 1.5.1)
    rake (0.8.7)
    vagrant (0.9.7)
      archive-tar-minitar (= 0.5.2)
      childprocess (~> 0.3.1)
      erubis (~> 2.7.0)
      i18n (~> 0.6.0)
      json (~> 1.5.1)
      log4r (~> 1.1.9)
      net-scp (~> 1.0.4)
      net-ssh (~> 2.2.2)

PLATFORMS
  ruby

DEPENDENCIES
  capistrano (= 2.11.2)
  puppet (= 2.7.1)
  rake (= 0.8.7)
  vagrant (= 0.9.7)
